GIT
  remote: git://github.com/ruby-protobuf/protobuf.git
  revision: 24a339f4beb328cb5d1e953a9883cb98b4d3af0b
  branch: master
  specs:
    protobuf (3.6.9)
      activesupport (>= 3.2)
      middleware
      thor
      thread_safe

GEM
  remote: https://rubygems.org/
  specs:
    activesupport (4.2.6)
      i18n (~> 0.7)
      json (~> 1.7, >= 1.7.7)
      minitest (~> 5.1)
      thread_safe (~> 0.3, >= 0.3.4)
      tzinfo (~> 1.1)
    effigy_wire (0.0.3)
      protobuf (~> 3.6.9, >= 3.6.9)
    i18n (0.7.0)
    json (1.8.3)
    json (1.8.3-java)
    middleware (0.1.0)
    minitest (5.9.0)
    snappy (0.0.15)
    snappy (0.0.15-java)
      snappy-jars (~> 1.1.0)
    snappy-jars (1.1.0.1.2-java)
    thor (0.19.1)
    thread_safe (0.3.5)
    thread_safe (0.3.5-java)
    tzinfo (1.2.2)
      thread_safe (~> 0.1)

PLATFORMS
  java
  ruby

DEPENDENCIES
  effigy_wire (~> 0.0.3)
  protobuf!
  snappy

BUNDLED WITH
   1.12.5
